GEM
  remote: https://rubygems.org/
  specs:
    ruby-graphviz (1.2.3)

PLATFORMS
  ruby

DEPENDENCIES
  ruby-graphviz

BUNDLED WITH
   1.15.4
